PATH
  remote: .
  specs:
    iron_mq (4.0.3)
      iron_core (>= 0.5.1)

GEM
  remote: https://rubygems.org/
  specs:
    beanstalk-client (1.1.1)
    concur (2.1.1)
    ethon (0.6.1)
      ffi (>= 1.3.0)
      mime-types (~> 1.18)
    ffi (1.9.3)
    go (1.1.0)
      concur
    iron_core (1.0.1)
      rest (>= 2.2.0)
    iron_worker_ng (1.0.4)
      bundler
      iron_core (>= 1.0.0)
      rubyzip (= 0.9.9)
    mime-types (1.25.1)
    minitest (5.1.0)
    net-http-persistent (2.9)
    quicky (0.4.0)
    rake (10.1.0)
    rest (2.6.3)
      net-http-persistent
      rest-client (>= 0.3.0)
    rest-client (1.6.7)
      mime-types (>= 1.16)
    rubyzip (0.9.9)
    test-unit (2.5.5)
    typhoeus (0.6.6)
      ethon (~> 0.6.1)
    uber_config (1.1.0)

PLATFORMS
  ruby

DEPENDENCIES
  beanstalk-client
  go
  iron_mq!
  iron_worker_ng
  minitest
  net-http-persistent
  quicky
  rake
  test-unit
  typhoeus (>= 0.5.4)
  uber_config
