PATH
  remote: .
  specs:
    iron_mq (5.0.0)
      iron_core (>= 0.5.1)

GEM
  remote: https://rubygems.org/
  specs:
    beanstalk-client (1.1.1)
    concur (2.1.1)
    ethon (0.6.2)
      ffi (>= 1.3.0)
      mime-types (~> 1.18)
    ffi (1.9.3)
    go (1.1.0)
      concur
    iron_core (1.0.3)
      rest (>= 2.6.4)
    iron_worker_ng (1.2.0)
      bundler
      iron_core (>= 1.0.0)
      rubyzip (>= 1.0.0)
    mime-types (1.25.1)
    minitest (5.2.3)
    net-http-persistent (2.9.4)
    netrc (0.7.7)
    quicky (0.4.0)
    rake (10.1.1)
    rest (2.7.1)
      net-http-persistent (>= 2.9.1)
      rest_client (>= 1.7.1)
    rest_client (1.7.2)
      netrc (~> 0.7.7)
    rubyzip (1.1.0)
    test-unit (2.5.5)
    typhoeus (0.6.7)
      ethon (~> 0.6.2)
    uber_config (1.1.1)

PLATFORMS
  ruby

DEPENDENCIES
  beanstalk-client
  go
  iron_mq!
  iron_worker_ng
  minitest
  net-http-persistent
  quicky
  rake
  test-unit
  typhoeus (>= 0.5.4)
  uber_config
